GIT
  remote: https://github.com/mbj/assets.git
  revision: 53dc2b81528fd38c193ffa19b5ad180b47c8c050
  specs:
    assets (0.0.2)
      abstract_type (~> 0.0.5)
      adamantium (~> 0.0.8)
      anima (~> 0.0.5)
      backports (~> 3.0, >= 3.0.3)
      coffee-script (~> 2.2.0)
      concord (~> 0.1.1)
      descendants_tracker (~> 0.0.1)
      equalizer (~> 0.0.5)
      ice_nine (~> 0.8.0)
      joy (~> 0.0.1)
      request (~> 0.0.2)
      response (~> 0.0.2)
      sass (~> 3.2.4)
      yui-compressor (~> 0.9.6)

GIT
  remote: https://github.com/mbj/joy.git
  revision: 0ea13d4306591f1c5e3e6372005e0e94f65527c8
  specs:
    joy (0.0.2)
      abstract_type (~> 0.0.5)
      adamantium (~> 0.0.8)
      anima (~> 0.0.6)
      concord (~> 0.1.0)
      equalizer (~> 0.0.5)
      html (~> 0.0.1)
      ice_nine (~> 0.8.0)
      request (~> 0.0.2)
      response (~> 0.0.2)
      tilt (~> 1.4.1)

GIT
  remote: https://github.com/mbj/request.git
  revision: 2b559ada47b1506a5c039034d9f43cce4f7107be
  specs:
    request (0.0.3)
      abstract_type (~> 0.0.5)
      adamantium (~> 0.0.8)
      backports (~> 3.0, >= 3.0.3)
      concord (~> 0.1.0)
      equalizer (~> 0.0.5)
      ice_nine (~> 0.8.0)

GIT
  remote: https://github.com/mbj/response.git
  revision: 1d9083e0d64ddf40a27cddf5379de0b06461db4c
  specs:
    response (0.0.2)
      abstract_type (~> 0.0.5)
      adamantium (~> 0.0.8)
      concord (~> 0.1.0)
      equalizer (~> 0.0.5)
      ice_nine (~> 0.8.0)

GIT
  remote: https://github.com/zaidan/rom-status.git
  revision: 1cb228739e615d40272ece14da9fab16fad1434f
  specs:
    rom-status (0.0.4)
      adamantium (~> 0.0.7)
      anima (~> 0.0.6)
      compass (~> 0.12.2)
      concord (~> 0.1.0)
      descendants_tracker (~> 0.0.1)
      equalizer (~> 0.0.5)
      haml (~> 4.0.0)
      html (~> 0.0.1)
      ice_nine (~> 0.8.0)
      request (~> 0.0.2)
      response (~> 0.0.2)
      susy (~> 1.0.5)
      thor (~> 0.18.1)

GEM
  remote: https://rubygems.org/
  specs:
    POpen4 (0.1.4)
      Platform (>= 0.4.0)
      open4
    Platform (0.4.0)
    abstract_type (0.0.5)
      backports (~> 3.0, >= 3.0.3)
    adamantium (0.0.8)
      ice_nine (~> 0.8.0)
    anima (0.0.6)
      abstract_type (~> 0.0.4)
      adamantium (~> 0.0.6)
      backports (~> 3.0, >= 3.0.3)
      equalizer (~> 0.0.4)
    backports (3.3.2)
    chunky_png (1.2.8)
    coffee-script (2.2.0)
      coffee-script-source
      execjs
    coffee-script-source (1.6.2)
    compass (0.12.2)
      chunky_png (~> 1.2)
      fssm (>= 0.2.7)
      sass (~> 3.1)
    concord (0.1.1)
      adamantium (~> 0.0.7)
      equalizer (~> 0.0.5)
    descendants_tracker (0.0.1)
    equalizer (0.0.5)
      adamantium (~> 0.0.6)
      backports (~> 3.0, >= 3.0.3)
    execjs (1.4.0)
      multi_json (~> 1.0)
    fssm (0.2.10)
    haml (4.0.3)
      tilt
    html (0.0.1)
      adamantium (~> 0.0.7)
      backports (~> 3.0, >= 3.0.3)
      equalizer (~> 0.0.5)
    ice_nine (0.8.0)
    multi_json (1.7.7)
    open4 (1.3.0)
    sass (3.2.9)
    susy (1.0.9)
      compass (>= 0.12.2)
      sass (>= 3.2.0)
    thor (0.18.1)
    tilt (1.4.1)
    yui-compressor (0.9.6)
      POpen4 (>= 0.1.4)

PLATFORMS
  ruby

DEPENDENCIES
  assets!
  joy!
  request!
  response!
  rom-status!
