GIT
  remote: https://github.com/mbj/assets.git
  revision: bf9f61bc7ad1ad7f8db232463cac73a1c5fe4b3d
  specs:
    assets (0.0.3)
      abstract_type (~> 0.0.5)
      adamantium (~> 0.0.8)
      anima (~> 0.0.5)
      coffee-script (~> 2.2.0)
      concord (~> 0.1.1)
      descendants_tracker (~> 0.0.1)
      equalizer (~> 0.0.5)
      ice_nine (~> 0.8.0)
      request (~> 0.0.2)
      response (~> 0.0.2)
      sass (~> 3.2.4)

GIT
  remote: https://github.com/mbj/joy.git
  revision: 0ea13d4306591f1c5e3e6372005e0e94f65527c8
  specs:
    joy (0.0.2)
      abstract_type (~> 0.0.5)
      adamantium (~> 0.0.8)
      anima (~> 0.0.6)
      concord (~> 0.1.0)
      equalizer (~> 0.0.5)
      html (~> 0.0.1)
      ice_nine (~> 0.8.0)
      request (~> 0.0.2)
      response (~> 0.0.2)
      tilt (~> 1.4.1)

GIT
  remote: https://github.com/mbj/request.git
  revision: 612f9e0b09b9ba23e449edb039f053ca0cd07178
  specs:
    request (0.0.4)
      abstract_type (~> 0.0.5)
      adamantium (~> 0.0.8)
      backports (~> 3.0, >= 3.0.3)
      concord (~> 0.1.0)
      equalizer (~> 0.0.5)
      ice_nine (~> 0.8.0)

GIT
  remote: https://github.com/mbj/response.git
  revision: a5d52c33b1c2ac8c361c6f9f07234ff99bdc0507
  specs:
    response (0.0.3)
      abstract_type (~> 0.0.5)
      adamantium (~> 0.0.8)
      concord (~> 0.1.0)
      equalizer (~> 0.0.5)
      ice_nine (~> 0.8.0)

GIT
  remote: https://github.com/zaidan/rom-status.git
  revision: 006434658c5896d94018447aba81d90a7c24352e
  specs:
    rom-status (0.0.4)
      adamantium (~> 0.0.7)
      anima (~> 0.0.6)
      compass (~> 0.12.2)
      concord (~> 0.1.0)
      descendants_tracker (~> 0.0.1)
      equalizer (~> 0.0.5)
      haml (~> 4.0.0)
      html (~> 0.0.1)
      ice_nine (~> 0.8.0)
      request (~> 0.0.2)
      response (~> 0.0.2)
      susy (~> 1.0.5)
      thor (~> 0.18.1)

GEM
  remote: https://rubygems.org/
  specs:
    abstract_type (0.0.5)
      backports (~> 3.0, >= 3.0.3)
    adamantium (0.0.8)
      ice_nine (~> 0.8.0)
    anima (0.0.6)
      abstract_type (~> 0.0.4)
      adamantium (~> 0.0.6)
      backports (~> 3.0, >= 3.0.3)
      equalizer (~> 0.0.4)
    backports (3.3.3)
    chunky_png (1.2.8)
    coffee-script (2.2.0)
      coffee-script-source
      execjs
    coffee-script-source (1.6.2)
    compass (0.12.2)
      chunky_png (~> 1.2)
      fssm (>= 0.2.7)
      sass (~> 3.1)
    concord (0.1.1)
      adamantium (~> 0.0.7)
      equalizer (~> 0.0.5)
    descendants_tracker (0.0.1)
    equalizer (0.0.5)
      adamantium (~> 0.0.6)
      backports (~> 3.0, >= 3.0.3)
    execjs (1.4.0)
      multi_json (~> 1.0)
    fssm (0.2.10)
    haml (4.0.3)
      tilt
    html (0.0.1)
      adamantium (~> 0.0.7)
      backports (~> 3.0, >= 3.0.3)
      equalizer (~> 0.0.5)
    ice_nine (0.8.0)
    multi_json (1.7.7)
    sass (3.2.9)
    susy (1.0.9)
      compass (>= 0.12.2)
      sass (>= 3.2.0)
    thor (0.18.1)
    tilt (1.4.1)

PLATFORMS
  ruby

DEPENDENCIES
  assets!
  joy!
  request!
  response!
  rom-status!
